NRRD0004
# Complete NRRD file format specification at:
# http://teem.sourceforge.net/nrrd/format.html
type: unsigned char
dimension: 2
space dimension: 2
sizes: 221 257
space directions: (0.866025,0.5) (-0.5,0.866025)
kinds: domain domain
encoding: raw
space origin: (0,0)
data file: BrainT1SliceBorder20DirectionPlus30.raw
